GIT
  remote: https://github.com/dmathieu/rpm.git
  revision: 7af0982d4a3898be5a156aaa12fad027fb4330c2
  branch: binds
  specs:
    newrelic_rpm (3.1.0)

GIT
  remote: https://github.com/pengwynn/octokit.git
  revision: 463e08caa4f940045f7f9e2003bd9dcd427b13c0
  ref: 463e08caa4f940045f7f
  specs:
    octokit (0.6.3)
      addressable (~> 2.2.6)
      faraday (~> 0.6.0)
      faraday_middleware (~> 0.6.0)
      hashie (~> 1.0.0)
      multi_json (~> 1.0.2)

GIT
  remote: https://github.com/rails/rails.git
  revision: 07ea84a03b2a2c753768965a840913b4d4d42cee
  branch: 3-1-stable
  specs:
    actionmailer (3.1.0.rc4)
      actionpack (= 3.1.0.rc4)
      mail (~> 2.3.0)
    actionpack (3.1.0.rc4)
      activemodel (= 3.1.0.rc4)
      activesupport (= 3.1.0.rc4)
      builder (~> 3.0.0)
      erubis (~> 2.7.0)
      i18n (~> 0.6)
      rack (~> 1.3.0)
      rack-cache (~> 1.0.2)
      rack-mount (~> 0.8.1)
      rack-test (~> 0.6.0)
      sprockets (= 2.0.0.beta.10)
      tzinfo (~> 0.3.29)
    activemodel (3.1.0.rc4)
      activesupport (= 3.1.0.rc4)
      bcrypt-ruby (~> 2.1.4)
      builder (~> 3.0.0)
      i18n (~> 0.6)
    activerecord (3.1.0.rc4)
      activemodel (= 3.1.0.rc4)
      activesupport (= 3.1.0.rc4)
      arel (~> 2.1.3)
      tzinfo (~> 0.3.29)
    activeresource (3.1.0.rc4)
      activemodel (= 3.1.0.rc4)
      activesupport (= 3.1.0.rc4)
    activesupport (3.1.0.rc4)
      multi_json (~> 1.0)
    rails (3.1.0.rc4)
      actionmailer (= 3.1.0.rc4)
      actionpack (= 3.1.0.rc4)
      activerecord (= 3.1.0.rc4)
      activeresource (= 3.1.0.rc4)
      activesupport (= 3.1.0.rc4)
      bundler (~> 1.0)
      railties (= 3.1.0.rc4)
    railties (3.1.0.rc4)
      actionpack (= 3.1.0.rc4)
      activesupport (= 3.1.0.rc4)
      rack-ssl (~> 1.3.2)
      rake (>= 0.8.7)
      rdoc (~> 3.4)
      thor (~> 0.14.6)

GIT
  remote: https://github.com/svenfuchs/resque-heartbeat.git
  revision: ba7a89f504906182635ec2cecbed5bd52a557aa6
  ref: ba7a89f
  specs:
    resque-heartbeat (0.0.2)
      resque (~> 1.17.0)

GEM
  remote: http://rubygems.org/
  specs:
    POpen4 (0.1.4)
      Platform (>= 0.4.0)
      open4
    Platform (0.4.0)
    SystemTimer (1.2.3)
    addressable (2.2.6)
    archive-tar-minitar (0.5.2)
    arel (2.1.3)
    bcrypt-ruby (2.1.4)
    bcrypt-ruby (2.1.4-java)
    bouncy-castle-java (1.5.0146.1)
    builder (3.0.0)
    capybara (1.0.0)
      mime-types (>= 1.16)
      nokogiri (>= 1.3.3)
      rack (>= 1.0.0)
      rack-test (>= 0.5.4)
      selenium-webdriver (~> 0.2.0)
      xpath (~> 0.1.4)
    childprocess (0.1.9)
      ffi (~> 1.0.6)
    chunky_png (1.2.0)
    clockwork (0.2.3)
    columnize (0.3.3)
    compass (0.11.4)
      chunky_png (~> 1.2)
      fssm (>= 0.2.7)
      sass (~> 3.1)
    crack (0.1.8)
    database_cleaner (0.6.7)
    devise (1.4.2)
      bcrypt-ruby (~> 2.1.2)
      orm_adapter (~> 0.0.3)
      warden (~> 1.0.3)
    diff-lcs (1.1.2)
    erubis (2.7.0)
    factory_girl (1.3.3)
    factory_girl_rails (1.0.1)
      factory_girl (~> 1.3)
      railties (>= 3.0.0)
    fakeredis (0.1.4)
    faraday (0.6.1)
      addressable (~> 2.2.4)
      multipart-post (~> 1.1.0)
      rack (< 2, >= 1.1.0)
    faraday_middleware (0.6.5)
      faraday (~> 0.6.0)
    ffi (1.0.9)
    ffi (1.0.9-java)
    fssm (0.2.7)
    hashie (1.0.0)
    hike (1.1.0)
    hoptoad_notifier (2.4.11)
      activesupport
      builder
    i18n (0.6.0)
    jammit (0.6.3)
      yui-compressor (>= 0.9.3)
    jruby-openssl (0.7.4)
      bouncy-castle-java
    json (1.5.3)
    json (1.5.3-java)
    json_pure (1.5.3)
    kgio (2.5.0)
    linecache (0.46)
      rbx-require-relative (> 0.0.4)
    linecache19 (0.5.12)
      ruby_core_source (>= 0.1.4)
    mail (2.3.0)
      i18n (>= 0.4.0)
      mime-types (~> 1.16)
      treetop (~> 1.4.8)
    mime-types (1.16)
    minitest (2.3.1)
    minitest_tu_shim (1.3.2)
      minitest (>= 1.6.0)
    mocha (0.9.12)
    multi_json (1.0.3)
    multi_xml (0.2.2)
    multipart-post (1.1.2)
    nokogiri (1.5.0)
    nokogiri (1.5.0-java)
    oa-core (0.2.6)
    oa-oauth (0.2.6)
      faraday (~> 0.6.1)
      multi_json (~> 1.0.0)
      multi_xml (~> 0.2.2)
      oa-core (= 0.2.6)
      oauth (~> 0.4.0)
      oauth2 (~> 0.4.1)
    oauth (0.4.5)
    oauth2 (0.4.1)
      faraday (~> 0.6.1)
      multi_json (>= 0.0.5)
    open4 (1.1.0)
    orm_adapter (0.0.5)
    pg (0.11.0)
    polyglot (0.3.1)
    pusher (0.8.1)
      crack (~> 0.1.0)
      multi_json (~> 1.0)
      ruby-hmac (~> 0.4.0)
      signature (~> 0.1.2)
    rabl (0.3.0)
      multi_json (~> 1.0.3)
    rack (1.3.0)
    rack-cache (1.0.2)
      rack (>= 0.4)
    rack-mount (0.8.1)
      rack (>= 1.0.0)
    rack-ssl (1.3.2)
      rack
    rack-test (0.6.0)
      rack (>= 1.0)
    raindrops (0.7.0)
    rake (0.9.2)
    rbx-require-relative (0.0.5)
    rdoc (3.8)
    redis (2.2.1)
    redis-namespace (1.0.3)
      redis (< 3.0.0)
    refraction (0.2.0)
    require_relative (1.0.2)
    resque (1.17.1)
      json (< 1.6, >= 1.4.6)
      redis-namespace (~> 1.0.2)
      sinatra (>= 0.9.2)
      vegas (~> 0.1.2)
    rspec (2.6.0)
      rspec-core (~> 2.6.0)
      rspec-expectations (~> 2.6.0)
      rspec-mocks (~> 2.6.0)
    rspec-core (2.6.4)
    rspec-expectations (2.6.0)
      diff-lcs (~> 1.1.2)
    rspec-mocks (2.6.0)
    rspec-rails (2.6.1)
      actionpack (~> 3.0)
      activesupport (~> 3.0)
      railties (~> 3.0)
      rspec (~> 2.6.0)
    ruby-debug (0.10.4)
      columnize (>= 0.1)
      ruby-debug-base (~> 0.10.4.0)
    ruby-debug-base (0.10.4)
      linecache (>= 0.3)
    ruby-debug-base19 (0.11.25)
      columnize (>= 0.3.1)
      linecache19 (>= 0.5.11)
      ruby_core_source (>= 0.1.4)
    ruby-debug19 (0.11.6)
      columnize (>= 0.3.1)
      linecache19 (>= 0.5.11)
      ruby-debug-base19 (>= 0.11.19)
    ruby-hmac (0.4.0)
    ruby_core_source (0.1.5)
      archive-tar-minitar (>= 0.5.2)
    rubyzip (0.9.4)
    sass (3.1.4)
    selenium-webdriver (0.2.2)
      childprocess (>= 0.1.9)
      ffi (>= 1.0.7)
      json_pure
      rubyzip
    signature (0.1.2)
      ruby-hmac
    silent-postgres (0.0.8)
    sinatra (1.2.6)
      rack (~> 1.1)
      tilt (< 2.0, >= 1.2.2)
    sprockets (2.0.0.beta.10)
      hike (~> 1.0)
      rack (~> 1.0)
      tilt (!= 1.3.0, ~> 1.1)
    test_declarative (0.0.5)
    thor (0.14.6)
    tilt (1.3.2)
    treetop (1.4.9)
      polyglot (>= 0.3.1)
    tzinfo (0.3.29)
    unicorn (4.0.1)
      kgio (~> 2.4)
      rack
      raindrops (~> 0.6)
    unobtrusive_flash (0.0.2)
    vegas (0.1.8)
      rack (>= 1.0.0)
    warden (1.0.4)
      rack (>= 1.0)
    webmock (1.6.4)
      addressable (> 2.2.5, ~> 2.2)
      crack (>= 0.1.7)
    xpath (0.1.4)
      nokogiri (~> 1.3)
    yajl-ruby (0.8.2)
    yui-compressor (0.9.6)
      POpen4 (>= 0.1.4)

PLATFORMS
  java
  ruby

DEPENDENCIES
  SystemTimer (~> 1.2.3)
  capybara (~> 1.0.0)
  clockwork
  compass (~> 0.11.3)
  database_cleaner
  devise (~> 1.4.2)
  factory_girl (~> 1.3)
  factory_girl_rails
  fakeredis
  hoptoad_notifier (~> 2.4.11)
  jammit (~> 0.6.0)
  jruby-openssl
  minitest
  minitest_tu_shim
  mocha
  newrelic_rpm!
  oa-oauth (~> 0.2.6)
  octokit!
  pg (~> 0.11.0)
  pusher (~> 0.8.1)
  rabl (~> 0.3.0)
  rails!
  rake (~> 0.9.2)
  refraction (~> 0.2.0)
  require_relative (~> 1.0.1)
  resque (~> 1.17.1)
  resque-heartbeat!
  rspec-rails (~> 2.6.1)
  ruby-debug
  ruby-debug19
  silent-postgres (~> 0.0.8)
  test_declarative
  unicorn (~> 4.0.0)
  unobtrusive_flash (~> 0.0.2)
  webmock
  yajl-ruby (~> 0.8.2)
